PATH
  remote: .
  specs:
    soundcloud-embed_tag (0.0.1)
      httparty (~> 0)
      yajl-ruby

GEM
  remote: http://rubygems.org/
  specs:
    crack (0.1.8)
    diff-lcs (1.1.2)
    httparty (0.6.1)
      crack (= 0.1.8)
    rspec (2.1.0)
      rspec-core (~> 2.1.0)
      rspec-expectations (~> 2.1.0)
      rspec-mocks (~> 2.1.0)
    rspec-core (2.1.0)
    rspec-expectations (2.1.0)
      diff-lcs (~> 1.1.2)
    rspec-mocks (2.1.0)
    simplecov (0.3.7)
      simplecov-html (>= 0.3.7)
    simplecov-html (0.3.9)
    yajl-ruby (0.7.8)

PLATFORMS
  ruby

DEPENDENCIES
  httparty (~> 0)
  rspec (~> 2)
  simplecov (~> 0)
  soundcloud-embed_tag!
  yajl-ruby
